GEM
  remote: https://rubygems.org/
  specs:
    addressable (2.3.2)
    haml (4.0.5)
      tilt
    json (1.5.1)
    rack (1.3.2)
    rack-canonical-host (0.0.8)
      addressable
      rack (~> 1.0)
    sass (3.3.8)
    sinatra (1.2.6)
      rack (~> 1.1)
      tilt (>= 1.2.2, < 2.0)
    tilt (1.3.2)

PLATFORMS
  ruby

DEPENDENCIES
  haml
  json
  rack-canonical-host
  sass
  sinatra
